GEM
  remote: https://rubygems.org/
  specs:
    ffi (1.9.10)
    jasmine (2.3.1)
      jasmine-core (~> 2.3)
      phantomjs
      rack (>= 1.2.1)
      rake
    jasmine-core (2.4.1)
    listen (3.1.3)
      rb-fsevent (~> 0.9, >= 0.9.7)
      rb-inotify (~> 0.9, >= 0.9.7)
      ruby_dep (~> 1.2)
    phantomjs (2.1.1.0)
    rack (1.6.4)
    rake (11.1.2)
    rb-fsevent (0.9.7)
    rb-inotify (0.9.7)
      ffi (>= 0.5.0)
    ruby_dep (1.3.1)

PLATFORMS
  ruby

DEPENDENCIES
  jasmine
  listen

BUNDLED WITH
   1.11.2
