GEM
  remote: https://rubygems.org/
  specs:
    fangorn (0.0.3)
      haml (~> 4, >= 4)
      listen (~> 3, >= 3)
      sass (~> 3, >= 3)
    ffi (1.9.10)
    haml (4.0.7)
      tilt
    jasmine (2.4.0)
      jasmine-core (~> 2.4)
      phantomjs
      rack (>= 1.2.1)
      rake
    jasmine-core (2.4.1)
    listen (3.1.5)
      rb-fsevent (~> 0.9, >= 0.9.4)
      rb-inotify (~> 0.9, >= 0.9.7)
      ruby_dep (~> 1.2)
    phantomjs (2.1.1.0)
    rack (1.6.4)
    rake (11.1.2)
    rb-fsevent (0.9.7)
    rb-inotify (0.9.7)
      ffi (>= 0.5.0)
    ruby_dep (1.3.1)
    sass (3.4.22)
    tilt (2.0.4)

PLATFORMS
  ruby

DEPENDENCIES
  fangorn
  jasmine

BUNDLED WITH
   1.11.2
